ObjectType = Image
NDims = 3
BinaryData = True
BinaryDataByteOrderMSB = False
CompressedData = False
TransformMatrix = 1 0 0 0 1 0 0 0 1
Offset = -164.024 -180.292 -88.4835
CenterOfRotation = 0 0 0
AnatomicalOrientation = RAI
ElementSpacing = 0.625 0.625 4.5
DimSize = 512 512 35
ElementType = MET_FLOAT
ElementDataFile = p4w0tra.raw
