ObjectType = Image
NDims = 3
BinaryData = True
BinaryDataByteOrderMSB = False
CompressedData = False
TransformMatrix = 1 0 0 0 1 0 0 0 1
Offset = -97.2622 -97.2622 -97.2622
CenterOfRotation = 0 0 0
AnatomicalOrientation = RAI
ElementSpacing = 0.762841 0.762841 0.762841
DimSize = 256 256 256
ElementType = MET_USHORT
ElementDataFile = volumeData.raw
